GEM
  remote: http://rubygems.org/
  specs:
    diff-lcs (1.2.4)
    eventmachine (1.0.3)
    obscenity (1.0.2)
    rspec (2.14.1)
      rspec-core (~> 2.14.0)
      rspec-expectations (~> 2.14.0)
      rspec-mocks (~> 2.14.0)
    rspec-core (2.14.6)
    rspec-expectations (2.14.3)
      diff-lcs (>= 1.1.3, < 2.0)
    rspec-mocks (2.14.4)

PLATFORMS
  ruby

DEPENDENCIES
  eventmachine
  obscenity
  rspec
